PATH
  remote: .
  specs:
    farsifu (0.2.2)

GEM
  remote: http://rubygems.org/
  specs:
    diff-lcs (1.1.3)
    rspec (2.12.0)
      rspec-core (~> 2.12.0)
      rspec-expectations (~> 2.12.0)
      rspec-mocks (~> 2.12.0)
    rspec-core (2.12.2)
    rspec-expectations (2.12.1)
      diff-lcs (~> 1.1.3)
    rspec-mocks (2.12.1)

PLATFORMS
  ruby

DEPENDENCIES
  bundler (~> 1.2.0)
  farsifu!
  rspec (~> 2.12.0)
